{
	"Modality": "MR",
	"MagneticFieldStrength": 3,
	"ImagingFrequency": 123.259857,
	"Manufacturer": "Siemens",
	"ManufacturersModelName": "MAGNETOM Vida",
	"InstitutionName": "CEMEREM-TIMONE",
	"InstitutionalDepartmentName": "Batiment 3",
	"InstitutionAddress": "RUE ST PIERRE 264,MARSEILLE,,FR,13005",
	"DeviceSerialNumber": "176082",
	"StationName": "AWP176082",
	"BodyPart": "BRAIN",
	"PatientPosition": "HFS",
	"ProcedureStepDescription": "ttroalen NormaBRAIN 250925_NormaPOET",
	"SoftwareVersions": "syngo MR XA60",
	"MRAcquisitionType": "3D",
	"StudyDescription": "ttroalen NormaBRAIN 250925_NormaPOET",
	"SeriesDescription": "pcasl_tgse_2.5iso_tra_PA",
	"ProtocolName": "pcasl_tgse_2.5iso_tra_PA",
	"ScanningSequence": "EP",
	"SequenceVariant": "SK\\OSP",
	"ScanOptions": "PFP\\SAT1\\FS",
	"PulseSequenceName": "WIPtgse3d1_1296",
	"ImageType": ["ORIGINAL", "PRIMARY", "ASL", "NONE", "MAGNITUDE"],
	"ImageTypeText": ["ORIGINAL", "PRIMARY", "ASL", "NONE", "ND", "NORM", "DRS", "DRB"],
	"NonlinearGradientCorrection": false,
	"SeriesNumber": 37,
	"AcquisitionTime": "16:51:5.530000",
	"AcquisitionNumber": 1,
	"ImageComments": "Not for diagnostic use, DRS: 3xD-PX-HDC-CPU\nM0_SCAN/DLRT model: DL-CAIPI-4b",
	"SliceThickness": 2.5,
	"TablePosition": [
		0,
		0,
		33	],
	"EchoTime": 0.0192,
	"RepetitionTime": 3.93,
	"MTState": false,
	"FlipAngle": 160,
	"PartialFourier": 0.875,
	"Interpolation2D": 1,
	"BaseResolution": 96,
	"ShimSetting": [
		9186,
		4444,
		9232,
		715,
		97,
		-222,
		260,
		56	],
	"TxRefAmp": 339.072,
	"PhaseResolution": 0.964286,
	"ReceiveCoilName": "HeadNeck_64_CS",
	"ReceiveCoilActiveElements": "HC1-7;NC1",
	"CoilString": "1",
	"PulseSequenceDetails": "%CustomerSeq%\\wip_iASL_tgse_asl",
	"WipMemBlock": "base64:eyJNb2RlbC5JRCI6NzE5fQ==",
	"RefLinesPE": 32,
	"CoilCombinationMethod": "Adaptive Combine",
	"ConsistencyInfo": "66010002",
	"MatrixCoilMode": "GRAPPA",
	"PostLabelingDelay": 1.8,
	"ArterialSpinLabelingType": "PCASL",
	"PercentPhaseFOV": 100,
	"PercentSampling": 96.4286,
	"EchoTrainLength": 27,
	"PartialFourierDirection": "COMBINATION",
	"PhaseEncodingSteps": 93,
	"FrequencyEncodingSteps": 96,
	"PhaseEncodingStepsOutOfPlane": 45,
	"AcquisitionMatrixPE": 96,
	"ReconMatrixPE": 192,
	"BandwidthPerPixelPhaseEncode": 26.433,
	"ParallelReductionFactorInPlane": 3,
	"ParallelAcquisitionTechnique": "GRAPPA",
	"DeepLearning": true,
	"DeepLearningDetails": "ChannelMixing:ND=true_CMM=1_CDM=1\\NormalizeAlgo:PreScan",
	"EffectiveEchoSpacing": 0.000197039,
	"DerivedVendorReportedEchoSpacing": 0.000591117,
	"AcquisitionDuration": 15.25,
	"TotalReadoutTime": 0.0376345,
	"PixelBandwidth": 2170,
	"DwellTime": 2.4e-06,
	"ImageOrientationPatientDICOM": [
		0.99575,
		0.0401832,
		0.0828648,
		-0.0279877,
		0.989268,
		-0.143405	],
	"InPlanePhaseEncodingDirectionDICOM": "COL",
	"BidsGuess": ["perf","_acq-WIPtgse3p3_run-37_asl"],
	"ConversionSoftware": "dcm2niix",
	"ConversionSoftwareVersion": "v1.0.20250505"
}
